PATH
  remote: .
  specs:
    object_dojo (0.0.2)

GEM
  remote: http://rubygems.org/
  specs:
    diff-lcs (1.1.3)
    metaclass (0.0.1)
    mocha (0.10.0)
      metaclass (~> 0.0.1)
    rake (0.9.2.2)
    rspec (2.8.0)
      rspec-core (~> 2.8.0)
      rspec-expectations (~> 2.8.0)
      rspec-mocks (~> 2.8.0)
    rspec-core (2.8.0)
    rspec-expectations (2.8.0)
      diff-lcs (~> 1.1.2)
    rspec-mocks (2.8.0)
    trollop (1.16.2)

PLATFORMS
  ruby

DEPENDENCIES
  mocha
  object_dojo!
  rake
  rspec
  trollop
